GEM
  remote: https://rubygems.org/
  specs:
    POpen4 (0.1.4)
      Platform (>= 0.4.0)
      open4
    Platform (0.4.0)
    bigdecimal (1.2.5)
    blankslate (2.1.2.4)
    celluloid (0.15.2)
      timers (~> 1.1.0)
    classifier (1.3.4)
      fast-stemmer (>= 1.0.0)
    coffee-script (2.2.0)
      coffee-script-source
      execjs
    coffee-script-source (1.7.0)
    colorator (0.1)
    commander (4.2.0)
      highline (~> 1.6.11)
    directory_watcher (1.5.1)
    execjs (2.2.0)
    fast-stemmer (1.0.2)
    ffi (1.9.3)
    haml (4.0.5)
      tilt
    highline (1.6.21)
    hike (1.2.3)
    io-console (0.4.2)
    jekyll (2.0.3)
      classifier (~> 1.3)
      colorator (~> 0.1)
      jekyll-coffeescript (~> 1.0)
      jekyll-sass-converter (~> 1.0)
      kramdown (~> 1.3)
      liquid (~> 2.5.5)
      listen (~> 2.5)
      mercenary (~> 0.3.3)
      pygments.rb (~> 0.5.0)
      redcarpet (~> 3.1)
      safe_yaml (~> 1.0)
      toml (~> 0.1.0)
    jekyll-assets (0.7.9)
      jekyll (>= 1.0.0, < 3.0.0)
      sass
      sprockets (~> 2.10)
    jekyll-coffeescript (1.0.0)
      coffee-script (~> 2.2)
    jekyll-sass-converter (1.0.0)
      sass (~> 3.2)
    json (1.8.1)
    kramdown (1.3.3)
    liquid (2.5.5)
    listen (2.7.8)
      celluloid (>= 0.15.2)
      rb-fsevent (>= 0.9.3)
      rb-inotify (>= 0.9)
    maruku (0.7.2)
    mercenary (0.3.3)
    minitest (5.3.4)
    multi_json (1.10.1)
    open4 (1.3.4)
    parslet (1.5.0)
      blankslate (~> 2.0)
    posix-spawn (0.3.8)
    psych (2.0.5)
    pygments.rb (0.5.4)
      posix-spawn (~> 0.3.6)
      yajl-ruby (~> 1.1.0)
    rack (1.5.2)
    rake (10.3.2)
    rb-fsevent (0.9.4)
    rb-inotify (0.9.5)
      ffi (>= 0.5.0)
    rdiscount (2.1.7.1)
    rdoc (4.1.1)
      json (~> 1.4)
    redcarpet (3.1.2)
    safe_yaml (1.0.3)
    sass (3.3.8)
    sprockets (2.12.1)
      hike (~> 1.2)
      multi_json (~> 1.0)
      rack (~> 1.0)
      tilt (~> 1.1, != 1.3.0)
    syntax (1.2.0)
    test-unit (2.5.5)
    tilt (1.4.1)
    timers (1.1.0)
    toml (0.1.1)
      parslet (~> 1.5.0)
    yajl-ruby (1.1.0)
    yui-compressor (0.12.0)

PLATFORMS
  ruby

DEPENDENCIES
  POpen4
  Platform
  bigdecimal
  bundler
  classifier
  colorator
  commander
  directory_watcher
  fast-stemmer
  haml
  highline
  io-console
  jekyll (~> 2.0)
  jekyll-assets
  json
  kramdown
  liquid
  maruku
  minitest
  open4
  posix-spawn
  psych
  pygments.rb
  rake
  rdiscount
  rdoc
  safe_yaml
  sass
  syntax
  test-unit
  yajl-ruby
  yui-compressor
